GEM
  remote: https://rubygems.org/
  specs:
    lazy_priority_queue (0.1.1)
    rgl (0.5.3)
      lazy_priority_queue (~> 0.1.0)
      stream (~> 0.5.0)
    stream (0.5)

PLATFORMS
  ruby

DEPENDENCIES
  rgl

BUNDLED WITH
   1.14.6
